GEM
  remote: http://rubygems.org/
  specs:
    closure-compiler (1.1.4)
    configuration (1.3.1)
    launchy (0.3.7)
      configuration (>= 0.0.5)
      rake (>= 0.8.1)
    rake (0.9.2.2)

PLATFORMS
  ruby

DEPENDENCIES
  closure-compiler
  launchy
  rake
